GEM
  remote: https://rubygems.org/
  specs:
    digest-crc (0.4.1)
    dotenv (2.7.2)
    extlz4 (0.3)
    ruby-kafka (0.7.7)
      digest-crc

PLATFORMS
  ruby

DEPENDENCIES
  dotenv
  extlz4
  ruby-kafka

BUNDLED WITH
   2.0.1
